GEM
  remote: http://rubygems.org/
  specs:
    coderay (1.1.0)
    ffi (1.9.6)
    libusb (0.5.0)
      ffi (>= 1.0)
    method_source (0.8.2)
    minitest (5.5.1)
    pry (0.10.1)
      coderay (~> 1.1.0)
      method_source (~> 0.8.1)
      slop (~> 3.4)
    slop (3.6.0)

PLATFORMS
  ruby

DEPENDENCIES
  libusb (~> 0.5.0)
  minitest
  pry
