GEM
  remote: http://rubygems.org/
  specs:
    ffi (1.9.6)
    libusb (0.5.0)
      ffi (>= 1.0)

PLATFORMS
  ruby

DEPENDENCIES
  libusb (~> 0.5.0)
